PATH
  remote: .
  specs:
    crds-styles (3.0.1)
      bootstrap-sass (~> 3.3)
      sass (~> 3.2)

GEM
  remote: https://rubygems.org/
  specs:
    autoprefixer-rails (8.6.3)
      execjs
    bootstrap-sass (3.3.7)
      autoprefixer-rails (>= 5.2.1)
      sass (>= 3.3.4)
    execjs (2.7.0)
    ffi (1.9.25)
    rb-fsevent (0.10.3)
    rb-inotify (0.9.10)
      ffi (>= 0.5.0, < 2)
    sass (3.5.6)
      sass-listen (~> 4.0.0)
    sass-listen (4.0.0)
      rb-fsevent (~> 0.9, >= 0.9.4)
      rb-inotify (~> 0.9, >= 0.9.7)

PLATFORMS
  ruby

DEPENDENCIES
  crds-styles!

BUNDLED WITH
   1.16.2
